GEM
  remote: https://rubygems.org/
  specs:
    plist (3.2.0)
    thor (0.19.1)

PLATFORMS
  ruby

DEPENDENCIES
  plist
  thor

BUNDLED WITH
   1.12.5
